GIT
  remote: https://github.com/OskarEichler/simple_token_authentication
  revision: 31f5fab68ca3d5f7d62064a143b50c9841b27234
  specs:
    simple_token_authentication (1.18.0)
      actionmailer (>= 3.2.6, < 8)
      actionpack (>= 3.2.6, < 8)
      active_model_serializers
      activemodel-serializers-xml
      devise (>= 3.2, < 6)

GEM
  remote: https://rubygems.org/
  specs:
    Ascii85 (1.1.0)
    actioncable (7.0.2.3)
      actionpack (= 7.0.2.3)
      activesupport (= 7.0.2.3)
      nio4r (~> 2.0)
      websocket-driver (>= 0.6.1)
    actionmailbox (7.0.2.3)
      actionpack (= 7.0.2.3)
      activejob (= 7.0.2.3)
      activerecord (= 7.0.2.3)
      activestorage (= 7.0.2.3)
      activesupport (= 7.0.2.3)
      mail (>= 2.7.1)
      net-imap
      net-pop
      net-smtp
    actionmailer (7.0.2.3)
      actionpack (= 7.0.2.3)
      actionview (= 7.0.2.3)
      activejob (= 7.0.2.3)
      activesupport (= 7.0.2.3)
      mail (~> 2.5, >= 2.5.4)
      net-imap
      net-pop
      net-smtp
      rails-dom-testing (~> 2.0)
    actionpack (7.0.2.3)
      actionview (= 7.0.2.3)
      activesupport (= 7.0.2.3)
      rack (~> 2.0, >= 2.2.0)
      rack-test (>= 0.6.3)
      rails-dom-testing (~> 2.0)
      rails-html-sanitizer (~> 1.0, >= 1.2.0)
    actiontext (7.0.2.3)
      actionpack (= 7.0.2.3)
      activerecord (= 7.0.2.3)
      activestorage (= 7.0.2.3)
      activesupport (= 7.0.2.3)
      globalid (>= 0.6.0)
      nokogiri (>= 1.8.5)
    actionview (7.0.2.3)
      activesupport (= 7.0.2.3)
      builder (~> 3.1)
      erubi (~> 1.4)
      rails-dom-testing (~> 2.0)
      rails-html-sanitizer (~> 1.1, >= 1.2.0)
    active_model_serializers (0.10.13)
      actionpack (>= 4.1, < 7.1)
      activemodel (>= 4.1, < 7.1)
      case_transform (>= 0.2)
      jsonapi-renderer (>= 0.1.1.beta1, < 0.3)
    activejob (7.0.2.3)
      activesupport (= 7.0.2.3)
      globalid (>= 0.3.6)
    activemodel (7.0.2.3)
      activesupport (= 7.0.2.3)
    activemodel-serializers-xml (1.0.2)
      activemodel (> 5.x)
      activesupport (> 5.x)
      builder (~> 3.1)
    activerecord (7.0.2.3)
      activemodel (= 7.0.2.3)
      activesupport (= 7.0.2.3)
    activerecord-session_store (2.0.0)
      actionpack (>= 5.2.4.1)
      activerecord (>= 5.2.4.1)
      multi_json (~> 1.11, >= 1.11.2)
      rack (>= 2.0.8, < 3)
      railties (>= 5.2.4.1)
    activestorage (7.0.2.3)
      actionpack (= 7.0.2.3)
      activejob (= 7.0.2.3)
      activerecord (= 7.0.2.3)
      activesupport (= 7.0.2.3)
      marcel (~> 1.0)
      mini_mime (>= 1.1.0)
    activesupport (7.0.2.3)
      concurrent-ruby (~> 1.0, >= 1.0.2)
      i18n (>= 1.6, < 2)
      minitest (>= 5.1)
      tzinfo (~> 2.0)
    acts_as_reportable (1.1.1)
      ruport (>= 1.6.0)
    addressable (2.8.0)
      public_suffix (>= 2.0.2, < 5.0)
    afm (0.2.2)
    api-pagination (5.0.0)
    ast (2.4.2)
    bcrypt (3.1.17)
    bindex (0.8.1)
    bootsnap (1.11.1)
      msgpack (~> 1.2)
    builder (3.2.4)
    byebug (11.1.3)
    capybara (3.36.0)
      addressable
      matrix
      mini_mime (>= 0.1.3)
      nokogiri (~> 1.8)
      rack (>= 1.6.0)
      rack-test (>= 0.6.3)
      regexp_parser (>= 1.5, < 3.0)
      xpath (~> 3.2)
    case_transform (0.2)
      activesupport
    childprocess (4.1.0)
    coderay (1.1.3)
    color (1.8)
    concurrent-ruby (1.1.10)
    crass (1.0.6)
    database_cleaner (2.0.1)
      database_cleaner-active_record (~> 2.0.0)
    database_cleaner-active_record (2.0.1)
      activerecord (>= 5.a)
      database_cleaner-core (~> 2.0.0)
    database_cleaner-core (2.0.1)
    devise (4.8.1)
      bcrypt (~> 3.0)
      orm_adapter (~> 0.1)
      railties (>= 4.1.0)
      responders
      warden (~> 1.2.3)
    diff-lcs (1.5.0)
    digest (3.1.0)
    erubi (1.10.0)
    factory_bot (4.11.1)
      activesupport (>= 3.0.0)
    factory_bot_rails (4.11.1)
      factory_bot (~> 4.11.1)
      railties (>= 3.0.0)
    faker (2.20.0)
      i18n (>= 1.8.11, < 2)
    ffi (1.15.5)
    figaro (1.2.0)
      thor (>= 0.14.0, < 2)
    file_validators (2.3.0)
      activemodel (>= 3.2)
      mime-types (>= 1.0)
    globalid (1.0.0)
      activesupport (>= 5.0)
    hashery (2.1.2)
    i18n (1.10.0)
      concurrent-ruby (~> 1.0)
    image_processing (1.12.2)
      mini_magick (>= 4.9.5, < 5)
      ruby-vips (>= 2.0.17, < 3)
    jbuilder (2.11.5)
      actionview (>= 5.0.0)
      activesupport (>= 5.0.0)
    jsbundling-rails (1.0.2)
      railties (>= 6.0.0)
    jsonapi-renderer (0.2.2)
    jsonapi-serializer (2.2.0)
      activesupport (>= 4.2)
    listen (3.7.1)
      rb-fsevent (~> 0.10, >= 0.10.3)
      rb-inotify (~> 0.9, >= 0.9.10)
    loofah (2.16.0)
      crass (~> 1.0.2)
      nokogiri (>= 1.5.9)
    mail (2.7.1)
      mini_mime (>= 0.1.1)
    marcel (1.0.2)
    matrix (0.4.2)
    method_source (1.0.0)
    mime-types (3.4.1)
      mime-types-data (~> 3.2015)
    mime-types-data (3.2022.0105)
    mini_magick (4.11.0)
    mini_mime (1.1.2)
    minitest (5.15.0)
    msgpack (1.5.1)
    multi_json (1.15.0)
    net-imap (0.2.3)
      digest
      net-protocol
      strscan
    net-pop (0.1.1)
      digest
      net-protocol
      timeout
    net-protocol (0.1.3)
      timeout
    net-smtp (0.3.1)
      digest
      net-protocol
      timeout
    nio4r (2.5.8)
    nokogiri (1.13.6-x86_64-darwin)
      racc (~> 1.4)
    nokogiri (1.13.6-x86_64-linux)
      racc (~> 1.4)
    orm_adapter (0.5.0)
    pagy (3.11.0)
    parallel (1.22.1)
    parser (3.1.1.0)
      ast (~> 2.4.1)
    pdf-reader (2.9.2)
      Ascii85 (~> 1.0)
      afm (~> 0.2.1)
      hashery (~> 2.0)
      ruby-rc4
      ttfunk
    pdf-writer (1.1.8)
      color (>= 1.4.0)
      transaction-simple (~> 1.3)
    pg (1.3.5)
    prawn (0.12.0)
      pdf-reader (>= 0.9.0)
      ttfunk (~> 1.0.2)
    prawn-rails (1.4.2)
      actionview (>= 3.1.0)
      prawn
      prawn-table
    prawn-table (0.2.1)
    pry (0.13.1)
      coderay (~> 1.1)
      method_source (~> 1.0)
    pry-byebug (3.9.0)
      byebug (~> 11.0)
      pry (~> 0.13.0)
    public_suffix (4.0.6)
    puma (4.3.12)
      nio4r (~> 2.0)
    racc (1.6.0)
    rack (2.2.3)
    rack-cors (1.1.1)
      rack (>= 2.0.0)
    rack-test (1.1.0)
      rack (>= 1.0, < 3)
    rails (7.0.2.3)
      actioncable (= 7.0.2.3)
      actionmailbox (= 7.0.2.3)
      actionmailer (= 7.0.2.3)
      actionpack (= 7.0.2.3)
      actiontext (= 7.0.2.3)
      actionview (= 7.0.2.3)
      activejob (= 7.0.2.3)
      activemodel (= 7.0.2.3)
      activerecord (= 7.0.2.3)
      activestorage (= 7.0.2.3)
      activesupport (= 7.0.2.3)
      bundler (>= 1.15.0)
      railties (= 7.0.2.3)
    rails-dom-testing (2.0.3)
      activesupport (>= 4.2.0)
      nokogiri (>= 1.6)
    rails-html-sanitizer (1.4.2)
      loofah (~> 2.3)
    railties (7.0.2.3)
      actionpack (= 7.0.2.3)
      activesupport (= 7.0.2.3)
      method_source
      rake (>= 12.2)
      thor (~> 1.0)
      zeitwerk (~> 2.5)
    rainbow (3.1.1)
    rake (13.0.6)
    rb-fsevent (0.11.1)
    rb-inotify (0.10.1)
      ffi (~> 1.0)
    regexp_parser (2.3.0)
    responders (3.0.1)
      actionpack (>= 5.0)
      railties (>= 5.0)
    rexml (3.2.5)
    rspec-core (3.11.0)
      rspec-support (~> 3.11.0)
    rspec-expectations (3.11.0)
      diff-lcs (>= 1.2.0, < 2.0)
      rspec-support (~> 3.11.0)
    rspec-mocks (3.11.1)
      diff-lcs (>= 1.2.0, < 2.0)
      rspec-support (~> 3.11.0)
    rspec-rails (5.1.1)
      actionpack (>= 5.2)
      activesupport (>= 5.2)
      railties (>= 5.2)
      rspec-core (~> 3.10)
      rspec-expectations (~> 3.10)
      rspec-mocks (~> 3.10)
      rspec-support (~> 3.10)
    rspec-support (3.11.0)
    rubocop (1.27.0)
      parallel (~> 1.10)
      parser (>= 3.1.0.0)
      rainbow (>= 2.2.2, < 4.0)
      regexp_parser (>= 1.8, < 3.0)
      rexml
      rubocop-ast (>= 1.16.0, < 2.0)
      ruby-progressbar (~> 1.7)
      unicode-display_width (>= 1.4.0, < 3.0)
    rubocop-ast (1.17.0)
      parser (>= 3.1.1.0)
    rubocop-faker (1.1.0)
      faker (>= 2.12.0)
      rubocop (>= 0.82.0)
    ruby-progressbar (1.11.0)
    ruby-rc4 (0.1.5)
    ruby-vips (2.1.4)
      ffi (~> 1.12)
    rubyzip (2.3.2)
    ruport (1.7.1)
      pdf-writer (= 1.1.8)
      prawn (= 0.12.0)
    sass-rails (6.0.0)
      sassc-rails (~> 2.1, >= 2.1.1)
    sassc (2.4.0)
      ffi (~> 1.9)
    sassc-rails (2.1.2)
      railties (>= 4.0.0)
      sassc (>= 2.0)
      sprockets (> 3.0)
      sprockets-rails
      tilt
    selenium-webdriver (4.1.0)
      childprocess (>= 0.5, < 5.0)
      rexml (~> 3.2, >= 3.2.5)
      rubyzip (>= 1.2.2)
    shoulda-matchers (3.1.3)
      activesupport (>= 4.0.0)
    spring (4.0.0)
    sprockets (4.0.3)
      concurrent-ruby (~> 1.0)
      rack (> 1, < 3)
    sprockets-rails (3.4.2)
      actionpack (>= 5.2)
      activesupport (>= 5.2)
      sprockets (>= 3.0.0)
    sqlite3 (1.4.2)
    strscan (3.0.1)
    thor (1.2.1)
    tilt (2.0.10)
    timeout (0.2.0)
    transaction-simple (1.4.0.2)
    ttfunk (1.0.3)
    turbolinks (5.2.1)
      turbolinks-source (~> 5.2)
    turbolinks-source (5.2.0)
    tzinfo (2.0.4)
      concurrent-ruby (~> 1.0)
    unicode-display_width (2.1.0)
    warden (1.2.9)
      rack (>= 2.0.9)
    web-console (4.2.0)
      actionview (>= 6.0.0)
      activemodel (>= 6.0.0)
      bindex (>= 0.4.0)
      railties (>= 6.0.0)
    webdrivers (5.0.0)
      nokogiri (~> 1.6)
      rubyzip (>= 1.3.0)
      selenium-webdriver (~> 4.0)
    websocket-driver (0.7.5)
      websocket-extensions (>= 0.1.0)
    websocket-extensions (0.1.5)
    xpath (3.2.0)
      nokogiri (~> 1.8)
    zeitwerk (2.5.4)

PLATFORMS
  x86_64-darwin-21
  x86_64-linux

DEPENDENCIES
  activerecord-session_store
  acts_as_reportable
  api-pagination
  bootsnap (>= 1.4.2)
  byebug
  capybara (>= 2.15, < 4.0)
  database_cleaner
  devise
  factory_bot_rails (~> 4.0)
  faker
  figaro
  file_validators (~> 2.3.0)
  image_processing (~> 1.12)
  jbuilder (~> 2.7)
  jsbundling-rails
  jsonapi-serializer
  listen (~> 3.2)
  pagy (~> 3.8)
  pg (~> 1.2)
  prawn-rails (~> 1.4.2)
  pry
  pry-byebug
  puma (~> 4.3)
  rack-cors
  rails (~> 7.0.2.3)
  rspec-rails
  rubocop-faker
  ruport
  sass-rails (>= 6)
  selenium-webdriver
  shoulda-matchers (~> 3.1)
  simple_token_authentication!
  spring
  sprockets-rails
  sqlite3 (~> 1.4)
  turbolinks (~> 5)
  tzinfo-data
  web-console (>= 3.3.0)
  webdrivers

RUBY VERSION
   ruby 3.1.0p0

BUNDLED WITH
   2.3.3
